GEM
  remote: https://rubygems.org/
  specs:
    clicksign (0.0.2)
      rest-client
    coffee-script (2.3.0)
      coffee-script-source
      execjs
    coffee-script-source (1.8.0)
    execjs (2.2.1)
    haml (4.0.5)
      tilt
    libv8 (3.16.14.7)
    mime-types (2.4.3)
    netrc (0.8.0)
    rack (1.6.13)
    rack-protection (1.5.3)
      rack
    ref (1.0.5)
    rest-client (1.7.2)
      mime-types (>= 1.16, < 3.0)
      netrc (~> 0.7)
    sinatra (1.4.5)
      rack (~> 1.4)
      rack-protection (~> 1.4)
      tilt (~> 1.3, >= 1.3.4)
    therubyracer (0.12.1)
      libv8 (~> 3.16.14.0)
      ref
    tilt (1.4.1)

PLATFORMS
  ruby

DEPENDENCIES
  clicksign
  coffee-script (~> 2.3.0)
  haml (~> 4.0.5)
  libv8 (~> 3.16)
  rest-client (~> 1.7.2)
  sinatra (~> 1.4.5)
  therubyracer (~> 0.12)
